GIT
  remote: git://github.com/activerecord-hackery/ransack.git
  revision: 742425ade4bb66db573dc13bf436a8f3c87b733b
  branch: rails-4.1
  specs:
    ransack (1.2.4)
      actionpack (>= 4.0)
      activerecord (>= 4.0)
      activesupport (>= 4.0)
      i18n
      polyamorous (~> 1.1)

GIT
  remote: git://github.com/plataformatec/simple_form.git
  revision: 71054e5623c53bb7d1323c27cb4271fb6e4f7da7
  specs:
    simple_form (3.2.0)
      actionpack (> 4, < 5.1)
      activemodel (> 4, < 5.1)

GIT
  remote: git://github.com/rails-sqlserver/tiny_tds.git
  revision: 33e381242a8bb65912996a1afd9baa74ebb51992
  specs:
    tiny_tds (1.0.0.beta1)
      mini_portile (= 0.6.2)

GIT
  remote: git://github.com/tinfoil/shoulda-kept-respond-with-content-type.git
  revision: 7616b47a800607a11c0b8f85b38f72b91dc9a834
  specs:
    shoulda-kept-respond-with-content-type (1.1.0)
      shoulda-matchers (>= 2.1.0)

GIT
  remote: https://github.com/kimkong/userstamp.git
  revision: fbb35ccb5004bb04f87e01cbe9b7a5ccdd06b856
  specs:
    userstamp (2.0.2)

GEM
  remote: https://rubygems.org/
  specs:
    actionmailer (4.1.14)
      actionpack (= 4.1.14)
      actionview (= 4.1.14)
      mail (~> 2.5, >= 2.5.4)
    actionpack (4.1.14)
      actionview (= 4.1.14)
      activesupport (= 4.1.14)
      rack (~> 1.5.2)
      rack-test (~> 0.6.2)
    actionview (4.1.14)
      activesupport (= 4.1.14)
      builder (~> 3.1)
      erubis (~> 2.7.0)
    activemodel (4.1.14)
      activesupport (= 4.1.14)
      builder (~> 3.1)
    activerecord (4.1.14)
      activemodel (= 4.1.14)
      activesupport (= 4.1.14)
      arel (~> 5.0.0)
    activerecord-sqlserver-adapter (4.1.2)
      activerecord (~> 4.1.0)
      arel
    activesupport (4.1.14)
      i18n (~> 0.6, >= 0.6.9)
      json (~> 1.7, >= 1.7.7)
      minitest (~> 5.1)
      thread_safe (~> 0.1)
      tzinfo (~> 1.1)
    addressable (2.3.8)
    arel (5.0.1.20140414130214)
    authority (3.1.0)
      activesupport (>= 3.0.0)
      rake (>= 0.8.7)
    autoprefixer-rails (6.1.0.1)
      execjs
      json
    axiom-types (0.1.1)
      descendants_tracker (~> 0.0.4)
      ice_nine (~> 0.11.0)
      thread_safe (~> 0.3, >= 0.3.1)
    bcrypt (3.1.10)
    binding_of_caller (0.7.2)
      debug_inspector (>= 0.0.1)
    bootstrap-sass (3.3.5)
      autoprefixer-rails (>= 5.0.0.1)
      sass (>= 3.2.19)
    builder (3.2.2)
    byebug (8.2.0)
    capistrano (3.3.5)
      capistrano-stats (~> 1.1.0)
      i18n
      rake (>= 10.0.0)
      sshkit (~> 1.3)
    capistrano-bundler (1.1.4)
      capistrano (~> 3.1)
      sshkit (~> 1.2)
    capistrano-rails (1.1.5)
      capistrano (~> 3.1)
      capistrano-bundler (~> 1.1)
    capistrano-stats (1.1.1)
    capybara (2.5.0)
      mime-types (>= 1.16)
      nokogiri (>= 1.3.3)
      rack (>= 1.0.0)
      rack-test (>= 0.5.4)
      xpath (~> 2.0)
    capybara-webkit (1.7.1)
      capybara (>= 2.3.0, < 2.6.0)
      json
    celluloid (0.17.2)
      celluloid-essentials
      celluloid-extras
      celluloid-fsm
      celluloid-pool
      celluloid-supervision
      timers (>= 4.1.1)
    celluloid-essentials (0.20.5)
      timers (>= 4.1.1)
    celluloid-extras (0.20.5)
      timers (>= 4.1.1)
    celluloid-fsm (0.20.5)
      timers (>= 4.1.1)
    celluloid-pool (0.20.5)
      timers (>= 4.1.1)
    celluloid-supervision (0.20.5)
      timers (>= 4.1.1)
    codeclimate-test-reporter (0.4.8)
      simplecov (>= 0.7.1, < 1.0.0)
    coercible (1.0.0)
      descendants_tracker (~> 0.0.1)
    colorize (0.7.7)
    connection_pool (2.2.0)
    database_cleaner (1.5.1)
    debug_inspector (0.0.2)
    descendants_tracker (0.0.4)
      thread_safe (~> 0.3, >= 0.3.1)
    devise (3.5.2)
      bcrypt (~> 3.0)
      orm_adapter (~> 0.1)
      railties (>= 3.2.6, < 5)
      responders
      thread_safe (~> 0.1)
      warden (~> 1.2.3)
    devise_invitable (1.5.3)
      actionmailer (>= 3.2.6, < 5)
      devise (>= 3.2.0)
    diff-lcs (1.2.5)
    docile (1.1.5)
    email_spec (1.6.0)
      launchy (~> 2.1)
      mail (~> 2.2)
    equalizer (0.0.11)
    erubis (2.7.0)
    execjs (2.6.0)
    factory_girl (4.5.0)
      activesupport (>= 3.0.0)
    factory_girl_rails (4.5.0)
      factory_girl (~> 4.5.0)
      railties (>= 3.0.0)
    faker (1.5.0)
      i18n (~> 0.5)
    figaro (1.1.1)
      thor (~> 0.14)
    hike (1.2.3)
    hitimes (1.2.3)
    i18n (0.7.0)
    ice_nine (0.11.1)
    interactor (3.1.0)
    jbuilder (2.3.2)
      activesupport (>= 3.0.0, < 5)
      multi_json (~> 1.2)
    jquery-rails (3.1.4)
      railties (>= 3.0, < 5.0)
      thor (>= 0.14, < 2.0)
    json (1.8.3)
    kaminari (0.16.3)
      actionpack (>= 3.0.0)
      activesupport (>= 3.0.0)
    kgio (2.10.0)
    launchy (2.4.3)
      addressable (~> 2.3)
    letter_opener (1.4.1)
      launchy (~> 2.2)
    macaddr (1.7.1)
      systemu (~> 2.6.2)
    mail (2.6.3)
      mime-types (>= 1.16, < 3)
    mime-types (2.6.2)
    mini_portile (0.6.2)
    minitest (5.8.2)
    multi_json (1.11.2)
    net-scp (1.2.1)
      net-ssh (>= 2.6.5)
    net-ssh (3.0.1)
    nokogiri (1.6.6.2)
      mini_portile (~> 0.6.0)
    orm_adapter (0.5.0)
    polyamorous (1.2.0)
      activerecord (>= 3.0)
    rack (1.5.5)
    rack-protection (1.5.3)
      rack
    rack-test (0.6.3)
      rack (>= 1.0)
    rails (4.1.14)
      actionmailer (= 4.1.14)
      actionpack (= 4.1.14)
      actionview (= 4.1.14)
      activemodel (= 4.1.14)
      activerecord (= 4.1.14)
      activesupport (= 4.1.14)
      bundler (>= 1.3.0, < 2.0)
      railties (= 4.1.14)
      sprockets-rails (~> 2.0)
    railties (4.1.14)
      actionpack (= 4.1.14)
      activesupport (= 4.1.14)
      rake (>= 0.8.7)
      thor (>= 0.18.1, < 2.0)
    raindrops (0.15.0)
    rake (10.4.2)
    rdoc (4.2.0)
    redis (3.2.1)
    redis-namespace (1.5.2)
      redis (~> 3.0, >= 3.0.4)
    responders (1.1.2)
      railties (>= 3.2, < 4.2)
    rolify (4.1.1)
    rspec (3.4.0)
      rspec-core (~> 3.4.0)
      rspec-expectations (~> 3.4.0)
      rspec-mocks (~> 3.4.0)
    rspec-core (3.4.0)
      rspec-support (~> 3.4.0)
    rspec-expectations (3.4.0)
      diff-lcs (>= 1.2.0, < 2.0)
      rspec-support (~> 3.4.0)
    rspec-its (1.2.0)
      rspec-core (>= 3.0.0)
      rspec-expectations (>= 3.0.0)
    rspec-mocks (3.4.0)
      diff-lcs (>= 1.2.0, < 2.0)
      rspec-support (~> 3.4.0)
    rspec-rails (3.4.0)
      actionpack (>= 3.0, < 4.3)
      activesupport (>= 3.0, < 4.3)
      railties (>= 3.0, < 4.3)
      rspec-core (~> 3.4.0)
      rspec-expectations (~> 3.4.0)
      rspec-mocks (~> 3.4.0)
      rspec-support (~> 3.4.0)
    rspec-sidekiq (2.1.0)
      rspec (~> 3.0, >= 3.0.0)
      sidekiq (>= 2.4.0)
    rspec-support (3.4.0)
    sass (3.2.19)
    sass-rails (4.0.5)
      railties (>= 4.0.0, < 5.0)
      sass (~> 3.2.2)
      sprockets (~> 2.8, < 3.0)
      sprockets-rails (~> 2.0)
    sdoc (0.4.1)
      json (~> 1.7, >= 1.7.7)
      rdoc (~> 4.0)
    shoulda-matchers (3.0.1)
      activesupport (>= 4.0.0)
    sidekiq (3.5.3)
      celluloid (~> 0.17.2)
      connection_pool (~> 2.2, >= 2.2.0)
      json (~> 1.0)
      redis (~> 3.2, >= 3.2.1)
      redis-namespace (~> 1.5, >= 1.5.2)
    simplecov (0.10.0)
      docile (~> 1.1.0)
      json (~> 1.8)
      simplecov-html (~> 0.10.0)
    simplecov-html (0.10.0)
    sinatra (1.4.6)
      rack (~> 1.4)
      rack-protection (~> 1.4)
      tilt (>= 1.3, < 3)
    sprockets (2.12.4)
      hike (~> 1.2)
      multi_json (~> 1.0)
      rack (~> 1.0)
      tilt (~> 1.1, != 1.3.0)
    sprockets-rails (2.3.3)
      actionpack (>= 3.0)
      activesupport (>= 3.0)
      sprockets (>= 2.8, < 4.0)
    sshkit (1.7.1)
      colorize (>= 0.7.0)
      net-scp (>= 1.1.2)
      net-ssh (>= 2.8.0)
    systemu (2.6.5)
    thor (0.19.1)
    thread_safe (0.3.5)
    tilt (1.4.1)
    timers (4.1.1)
      hitimes
    tzinfo (1.2.2)
      thread_safe (~> 0.1)
    uglifier (2.7.2)
      execjs (>= 0.3.0)
      json (>= 1.8.0)
    unicorn (5.0.0)
      kgio (~> 2.6)
      rack
      raindrops (~> 0.7)
    uuid (2.3.8)
      macaddr (~> 1.0)
    virtus (1.0.5)
      axiom-types (~> 0.1)
      coercible (~> 1.0)
      descendants_tracker (~> 0.0, >= 0.0.3)
      equalizer (~> 0.0, >= 0.0.9)
    warden (1.2.3)
      rack (>= 1.0)
    web-console (2.2.1)
      activemodel (>= 4.0)
      binding_of_caller (>= 0.7.2)
      railties (>= 4.0)
      sprockets-rails (>= 2.0, < 4.0)
    xpath (2.0.0)
      nokogiri (~> 1.3)

PLATFORMS
  ruby

DEPENDENCIES
  activerecord-sqlserver-adapter (~> 4.1.0)
  authority
  bootstrap-sass
  byebug
  capistrano (~> 3.3.0)
  capistrano-rails
  capybara-webkit
  codeclimate-test-reporter
  database_cleaner
  devise
  devise_invitable
  email_spec
  factory_girl_rails
  faker
  figaro
  interactor (~> 3.0)
  jbuilder (~> 2.0)
  jquery-rails
  kaminari
  letter_opener
  rails (~> 4.1.0)
  ransack!
  rolify
  rspec-its
  rspec-rails
  rspec-sidekiq
  sass-rails (~> 4.0)
  sdoc (~> 0.4.0)
  shoulda-kept-respond-with-content-type!
  shoulda-matchers (~> 3.0)
  sidekiq
  simple_form!
  sinatra
  tiny_tds!
  uglifier (>= 1.3.0)
  unicorn
  userstamp!
  uuid
  virtus
  web-console (~> 2.0)
